GEM
  remote: https://rubygems.org/
  specs:
    diff-lcs (1.1.3)
    rspec (2.11.0)
      rspec-core (~> 2.11.0)
      rspec-expectations (~> 2.11.0)
      rspec-mocks (~> 2.11.0)
    rspec-core (2.11.1)
    rspec-expectations (2.11.3)
      diff-lcs (~> 1.1.3)
    rspec-extra-formatters (0.4)
    rspec-mocks (2.11.3)
    vcr (2.1.1)

PLATFORMS
  ruby

DEPENDENCIES
  rspec (= 2.11.0)
  rspec-extra-formatters (= 0.4)
  vcr
